GEM
  remote: https://rubygems.org/
  specs:
    minitest (5.21.2)

PLATFORMS
  arm64-darwin-21

DEPENDENCIES
  minitest

BUNDLED WITH
   2.4.10
